GEM
  remote: https://rubygems.org/
  specs:
    colorize (1.1.0)

PLATFORMS
  ruby

DEPENDENCIES
  colorize

BUNDLED WITH
   2.4.22
